NUGET
  remote: https://api.nuget.org/v3/index.json
    Antlr (3.5.0.2) - restriction: >= net472
    bootstrap (3.3.7) - restriction: >= net472
      jQuery (>= 1.9.1 < 4.0)
    EntityFramework (6.2) - restriction: >= net472
    jQuery (3.3.1) - restriction: >= net472
    jQuery.Validation (1.17) - restriction: >= net472
      jQuery (>= 1.4.4)
    Microsoft.AspNet.Identity.Core (2.2.2) - restriction: >= net472
    Microsoft.AspNet.Identity.EntityFramework (2.2.2) - restriction: >= net472
      EntityFramework (>= 6.1)
      Microsoft.AspNet.Identity.Core (>= 2.2.2)
    Microsoft.AspNet.Identity.Owin (2.2.2) - restriction: >= net472
      Microsoft.AspNet.Identity.Core (>= 2.2.2)
      Microsoft.Owin.Security (>= 3.0.1)
      Microsoft.Owin.Security.Cookies (>= 3.0.1)
      Microsoft.Owin.Security.OAuth (>= 3.0.1)
    Microsoft.AspNet.Mvc (5.2.4) - restriction: >= net472
      Microsoft.AspNet.Razor (>= 3.2.4 < 3.3)
      Microsoft.AspNet.WebPages (>= 3.2.4 < 3.3)
    Microsoft.AspNet.Razor (3.2.4) - restriction: >= net472
    Microsoft.AspNet.Web.Optimization (1.1.3) - restriction: >= net472
      Microsoft.Web.Infrastructure (>= 1.0)
      WebGrease (>= 1.5.2)
    Microsoft.AspNet.WebApi (5.2.4) - restriction: >= net472
      Microsoft.AspNet.WebApi.WebHost (>= 5.2.4 < 5.3)
    Microsoft.AspNet.WebApi.Client (5.2.4) - restriction: >= net472
      Newtonsoft.Json (>= 6.0.4) - restriction: || (>= net45) (&& (< netstandard2.0) (>= portable-net45+win8+wp8+wp81+wpa81))
    Microsoft.AspNet.WebApi.Core (5.2.4) - restriction: >= net472
      Microsoft.AspNet.WebApi.Client (>= 5.2.4)
    Microsoft.AspNet.WebApi.HelpPage (5.2.4) - restriction: >= net472
      Microsoft.AspNet.Mvc (>= 5.2.4 < 5.3)
      Microsoft.AspNet.Razor (>= 3.2.4 < 3.3)
      Microsoft.AspNet.WebApi.WebHost (>= 5.2.4 < 5.3)
    Microsoft.AspNet.WebApi.Owin (5.2.4) - restriction: >= net472
      Microsoft.AspNet.WebApi.Core (>= 5.2.4 < 5.3)
      Microsoft.Owin (>= 2.0.2)
      Owin (>= 1.0)
    Microsoft.AspNet.WebApi.WebHost (5.2.4) - restriction: >= net472
      Microsoft.AspNet.WebApi.Core (>= 5.2.4 < 5.3)
    Microsoft.AspNet.WebPages (3.2.4) - restriction: >= net472
      Microsoft.AspNet.Razor (>= 3.2.4 < 3.3)
      Microsoft.Web.Infrastructure (>= 1.0)
    Microsoft.CodeDom.Providers.DotNetCompilerPlatform (2.0) - restriction: >= net472
    Microsoft.jQuery.Unobtrusive.Validation (3.2.4) - restriction: >= net472
      jQuery (>= 1.8)
      jQuery.Validation (>= 1.8.0.1)
    Microsoft.Owin (4.0) - restriction: >= net472
      Owin (>= 1.0)
    Microsoft.Owin.Host.SystemWeb (4.0) - restriction: >= net472
      Microsoft.Owin (>= 4.0)
      Owin (>= 1.0)
    Microsoft.Owin.Security (4.0) - restriction: >= net472
      Microsoft.Owin (>= 4.0)
      Owin (>= 1.0)
    Microsoft.Owin.Security.Cookies (4.0) - restriction: >= net472
      Microsoft.Owin (>= 4.0)
      Microsoft.Owin.Security (>= 4.0)
      Owin (>= 1.0)
    Microsoft.Owin.Security.Facebook (4.0) - restriction: >= net472
      Microsoft.Owin (>= 4.0)
      Microsoft.Owin.Security (>= 4.0)
      Newtonsoft.Json (>= 9.0.1)
      Owin (>= 1.0)
    Microsoft.Owin.Security.Google (4.0) - restriction: >= net472
      Microsoft.Owin (>= 4.0)
      Microsoft.Owin.Security (>= 4.0)
      Newtonsoft.Json (>= 9.0.1)
      Owin (>= 1.0)
    Microsoft.Owin.Security.MicrosoftAccount (4.0) - restriction: >= net472
      Microsoft.Owin (>= 4.0)
      Microsoft.Owin.Security (>= 4.0)
      Newtonsoft.Json (>= 9.0.1)
      Owin (>= 1.0)
    Microsoft.Owin.Security.OAuth (4.0) - restriction: >= net472
      Microsoft.Owin (>= 4.0)
      Microsoft.Owin.Security (>= 4.0)
      Newtonsoft.Json (>= 9.0.1)
      Owin (>= 1.0)
    Microsoft.Owin.Security.Twitter (4.0) - restriction: >= net472
      Microsoft.Owin (>= 4.0)
      Microsoft.Owin.Security (>= 4.0)
      Newtonsoft.Json (>= 9.0.1)
      Owin (>= 1.0)
    Microsoft.Web.Infrastructure (1.0) - restriction: >= net472
    Modernizr (2.8.3) - restriction: >= net472
    MSTest.TestAdapter (1.2) - restriction: >= net472
    MSTest.TestFramework (1.2) - restriction: >= net472
    Newtonsoft.Json (11.0.1) - restriction: >= net472
    Owin (1.0) - restriction: >= net472
    WebGrease (1.6) - restriction: >= net472
      Antlr (>= 3.4.1.9004)
      Newtonsoft.Json (>= 5.0.4)
